GEM
  remote: https://rubygems.org/
  specs:
    classifier-reborn (2.0.4)
      fast-stemmer (~> 1.0)
    colorator (1.1.0)
    fast-stemmer (1.0.2)
    ffi (1.9.14)
    forwardable-extended (2.6.0)
    jekyll (3.2.1)
      colorator (~> 1.0)
      jekyll-sass-converter (~> 1.0)
      jekyll-watch (~> 1.1)
      kramdown (~> 1.3)
      liquid (~> 3.0)
      mercenary (~> 0.3.3)
      pathutil (~> 0.9)
      rouge (~> 1.7)
      safe_yaml (~> 1.0)
    jekyll-lunr-js-search (3.2.0)
      json (~> 1.8)
      nokogiri (~> 1.6)
      therubyracer (~> 0.12)
    jekyll-paginate (1.1.0)
    jekyll-sass-converter (1.4.0)
      sass (~> 3.4)
    jekyll-watch (1.5.0)
      listen (~> 3.0, < 3.1)
    json (1.8.3)
    kramdown (1.12.0)
    libv8 (3.16.14.15)
    liquid (3.0.6)
    listen (3.0.8)
      rb-fsevent (~> 0.9, >= 0.9.4)
      rb-inotify (~> 0.9, >= 0.9.7)
    mercenary (0.3.6)
    mini_portile2 (2.1.0)
    minima (1.0.1)
    nokogiri (1.6.8)
      mini_portile2 (~> 2.1.0)
      pkg-config (~> 1.1.7)
    pathutil (0.14.0)
      forwardable-extended (~> 2.6)
    pkg-config (1.1.7)
    rb-fsevent (0.9.7)
    rb-inotify (0.9.7)
      ffi (>= 0.5.0)
    ref (2.0.0)
    rouge (1.11.1)
    safe_yaml (1.0.4)
    sass (3.4.22)
    therubyracer (0.12.2)
      libv8 (~> 3.16.14.0)
      ref

PLATFORMS
  ruby

DEPENDENCIES
  classifier-reborn
  jekyll (= 3.2.1)
  jekyll-lunr-js-search
  jekyll-paginate
  minima
